GEM
  remote: https://rubygems.org/
  remote: https://rails-assets.org/
  specs:
    abstract_type (0.0.7)
    actioncable (5.2.2.1)
      actionpack (= 5.2.2.1)
      nio4r (~> 2.0)
      websocket-driver (>= 0.6.1)
    actionmailer (5.2.2.1)
      actionpack (= 5.2.2.1)
      actionview (= 5.2.2.1)
      activejob (= 5.2.2.1)
      mail (~> 2.5, >= 2.5.4)
      rails-dom-testing (~> 2.0)
    actionpack (5.2.2.1)
      actionview (= 5.2.2.1)
      activesupport (= 5.2.2.1)
      rack (~> 2.0)
      rack-test (>= 0.6.3)
      rails-dom-testing (~> 2.0)
      rails-html-sanitizer (~> 1.0, >= 1.0.2)
    actionview (5.2.2.1)
      activesupport (= 5.2.2.1)
      builder (~> 3.1)
      erubi (~> 1.4)
      rails-dom-testing (~> 2.0)
      rails-html-sanitizer (~> 1.0, >= 1.0.3)
    active_link_to (1.0.5)
      actionpack
      addressable
    active_median (0.1.4)
      activerecord
    active_record_union (1.3.0)
      activerecord (>= 4.0)
    active_utils (3.3.17)
      activesupport (>= 4.2)
      i18n
    activejob (5.2.2.1)
      activesupport (= 5.2.2.1)
      globalid (>= 0.3.6)
    activemodel (5.2.2.1)
      activesupport (= 5.2.2.1)
    activerecord (5.2.2.1)
      activemodel (= 5.2.2.1)
      activesupport (= 5.2.2.1)
      arel (>= 9.0)
    activestorage (5.2.2.1)
      actionpack (= 5.2.2.1)
      activerecord (= 5.2.2.1)
      marcel (~> 0.3.1)
    activesupport (5.2.2.1)
      concurrent-ruby (~> 1.0, >= 1.0.2)
      i18n (>= 0.7, < 2)
      minitest (~> 5.1)
      tzinfo (~> 1.1)
    adamantium (0.2.0)
      ice_nine (~> 0.11.0)
      memoizable (~> 0.4.0)
    addressable (2.7.0)
      public_suffix (>= 2.0.2, < 5.0)
    anima (0.3.1)
      abstract_type (~> 0.0.7)
      adamantium (~> 0.2)
      equalizer (~> 0.0.11)
    arel (9.0.0)
    ast (2.4.1)
    autoprefixer-rails (9.7.6)
      execjs
    bcrypt (3.1.13)
    better_errors (2.7.1)
      coderay (>= 1.0.0)
      erubi (>= 1.0.0)
      rack (>= 0.9.0)
    bluecloth (2.2.0)
    bonsai-elasticsearch-rails (7.0.1)
      elasticsearch-model (< 8)
      elasticsearch-rails (< 8)
    bootstrap (4.5.0)
      autoprefixer-rails (>= 9.1.0)
      popper_js (>= 1.14.3, < 2)
      sassc-rails (>= 2.0.0)
    bootstrap-datepicker-rails (1.9.0.1)
      railties (>= 3.0)
    bootstrap_form (4.5.0)
      actionpack (>= 5.2)
      activemodel (>= 5.2)
    builder (3.2.4)
    bullet (6.1.0)
      activesupport (>= 3.0.0)
      uniform_notifier (~> 1.11)
    byebug (11.1.3)
    cancancan (3.1.0)
    capybara (3.32.2)
      addressable
      mini_mime (>= 0.1.3)
      nokogiri (~> 1.8)
      rack (>= 1.6.0)
      rack-test (>= 0.6.3)
      regexp_parser (~> 1.5)
      xpath (~> 3.2)
    capybara-email (3.0.2)
      capybara (>= 2.4, < 4.0)
      mail
    capybara-screenshot (1.0.24)
      capybara (>= 1.0, < 4)
      launchy
    carrierwave (1.3.1)
      activemodel (>= 4.0.0)
      activesupport (>= 4.0.0)
      mime-types (>= 1.16)
    chartkick (3.3.1)
    childprocess (3.0.0)
    codeclimate-test-reporter (1.0.9)
      simplecov (<= 0.13)
    coderay (1.1.2)
    coffee-rails (5.0.0)
      coffee-script (>= 2.2.0)
      railties (>= 5.2.0)
    coffee-script (2.4.1)
      coffee-script-source
      execjs
    coffee-script-source (1.12.2)
    comfortable_mexican_sofa (2.0.19)
      active_link_to (>= 1.0.0)
      comfy_bootstrap_form (>= 4.0.0)
      haml-rails (>= 1.0.0)
      jquery-rails (>= 4.3.1)
      kramdown (>= 1.0.0)
      mimemagic (>= 0.3.2)
      mini_magick (>= 4.8.0)
      rails (>= 5.2.0)
      rails-i18n (>= 5.0.0)
      sassc-rails (>= 2.0.0)
    comfy_bootstrap_form (4.0.8)
      rails (>= 5.0.0)
    concord (0.1.5)
      adamantium (~> 0.2.0)
      equalizer (~> 0.0.9)
    concurrent-ruby (1.1.6)
    connection_pool (2.2.2)
    coveralls (0.8.19)
      json (>= 1.8, < 3)
      simplecov (~> 0.12.0)
      term-ansicolor (~> 1.3)
      thor (~> 0.19.1)
      tins (~> 1.6)
    crass (1.0.6)
    csv_shaper (1.3.1)
      activesupport (>= 3.0.0)
    dalli (2.7.10)
    database_cleaner (1.8.5)
    devise (4.7.2)
      bcrypt (~> 3.0)
      orm_adapter (~> 0.1)
      railties (>= 4.1.0)
      responders
      warden (~> 1.2.3)
    diff-lcs (1.3)
    discard (1.2.0)
      activerecord (>= 4.2, < 7)
    docile (1.1.5)
    elasticsearch (6.8.1)
      elasticsearch-api (= 6.8.1)
      elasticsearch-transport (= 6.8.1)
    elasticsearch-api (6.8.1)
      multi_json
    elasticsearch-model (7.0.0)
      activesupport (> 3)
      elasticsearch (> 1)
      hashie
    elasticsearch-rails (6.0.0)
    elasticsearch-transport (6.8.1)
      faraday (>= 0.14, < 1)
      multi_json
    equalizer (0.0.11)
    erubi (1.9.0)
    erubis (2.7.0)
    excon (0.73.0)
    execjs (2.7.0)
    factory_bot (5.1.1)
      activesupport (>= 4.2.0)
    factory_bot_rails (5.1.1)
      factory_bot (~> 5.1.0)
      railties (>= 4.2.0)
    faker (2.12.0)
      i18n (>= 1.6, < 2)
    faraday (0.17.3)
      multipart-post (>= 1.2, < 3)
    faraday_middleware (0.14.0)
      faraday (>= 0.7.4, < 1.0)
    ffi (1.12.2)
    figaro (1.2.0)
      thor (>= 0.14.0, < 2)
    flickraw (0.9.10)
    font-awesome-sass (5.13.0)
      sassc (>= 1.11)
    friendly_id (5.3.0)
      activerecord (>= 4.0.0)
    geocoder (1.4.9)
    gibbon (1.2.1)
      httparty
      multi_json (>= 1.9.0)
    globalid (0.4.2)
      activesupport (>= 4.2.0)
    gravatar-ultimate (2.0.0)
      activesupport (>= 2.3.14)
      rack
    haml (5.1.2)
      temple (>= 0.8.0)
      tilt
    haml-i18n-extractor (0.5.9)
      activesupport
      haml
      highline
      tilt
      trollop (= 1.16.2)
    haml-rails (2.0.1)
      actionpack (>= 5.1)
      activesupport (>= 5.1)
      haml (>= 4.0.6, < 6.0)
      html2haml (>= 1.0.1)
      railties (>= 5.1)
    haml_lint (0.35.0)
      haml (>= 4.0, < 5.2)
      rainbow
      rubocop (>= 0.50.0)
      sysexits (~> 1.1)
    hashie (4.1.0)
    heroics (0.1.1)
      erubis (~> 2.0)
      excon
      moneta
      multi_json (>= 1.9.2)
    highline (2.0.3)
    html2haml (2.2.0)
      erubis (~> 2.7.0)
      haml (>= 4.0, < 6)
      nokogiri (>= 1.6.0)
      ruby_parser (~> 3.5)
    httparty (0.17.0)
      mime-types (~> 3.0)
      multi_xml (>= 0.5.2)
    i18n (1.8.3)
      concurrent-ruby (~> 1.0)
    i18n-tasks (0.9.31)
      activesupport (>= 4.0.2)
      ast (>= 2.1.0)
      erubi
      highline (>= 2.0.0)
      i18n
      parser (>= 2.2.3.0)
      rails-i18n
      rainbow (>= 2.2.2, < 4.0)
      terminal-table (>= 1.5.1)
    ice_nine (0.11.2)
    jquery-rails (4.4.0)
      rails-dom-testing (>= 1, < 3)
      railties (>= 4.2.0)
      thor (>= 0.14, < 2.0)
    jquery-ui-rails (6.0.1)
      railties (>= 3.2.16)
    js-routes (1.4.9)
      railties (>= 4)
      sprockets-rails
    json (2.3.0)
    json-schema (2.8.1)
      addressable (>= 2.4)
    jsonapi-resources (0.9.10)
      activerecord (>= 4.1)
      concurrent-ruby
      railties (>= 4.1)
    jsonapi-swagger (0.8.0)
    jwt (2.2.1)
    kgio (2.11.3)
    kramdown (2.1.0)
    launchy (2.4.3)
      addressable (~> 2.3)
    leaflet-rails (1.6.0)
      rails (>= 4.2.0)
    letter_opener (1.7.0)
      launchy (~> 2.2)
    listen (3.2.1)
      rb-fsevent (~> 0.10, >= 0.10.3)
      rb-inotify (~> 0.9, >= 0.9.10)
    loofah (2.5.0)
      crass (~> 1.0.2)
      nokogiri (>= 1.5.9)
    mail (2.7.1)
      mini_mime (>= 0.1.1)
    mailboxer (0.15.1)
      carrierwave (>= 0.5.8)
      rails (>= 5.0.0)
    marcel (0.3.3)
      mimemagic (~> 0.3.2)
    material-sass (4.1.1)
      autoprefixer-rails (>= 6.0.3)
      sass (>= 3.5.2)
    material_icons (2.2.1)
      railties (>= 3.2)
    memcachier (0.0.2)
    memoizable (0.4.2)
      thread_safe (~> 0.3, >= 0.3.1)
    method_source (1.0.0)
    mime-types (3.2.2)
      mime-types-data (~> 3.2015)
    mime-types-data (3.2019.0331)
    mimemagic (0.3.5)
    mini_magick (4.9.5)
    mini_mime (1.0.2)
    mini_portile2 (2.4.0)
    minitest (5.14.1)
    moneta (1.0.0)
    multi_json (1.14.1)
    multi_xml (0.6.0)
    multipart-post (2.1.1)
    nio4r (2.5.2)
    nokogiri (1.10.9)
      mini_portile2 (~> 2.4.0)
    oauth (0.5.4)
    oauth2 (1.4.2)
      faraday (>= 0.8, < 2.0)
      jwt (>= 1.0, < 3.0)
      multi_json (~> 1.3)
      multi_xml (~> 0.5)
      rack (>= 1.2, < 3)
    oj (3.10.6)
    omniauth (1.9.1)
      hashie (>= 3.4.6)
      rack (>= 1.6.2, < 3)
    omniauth-facebook (5.0.0)
      omniauth-oauth2 (~> 1.2)
    omniauth-flickr (0.0.20)
      multi_json (~> 1.12)
      omniauth-oauth (~> 1.0)
    omniauth-oauth (1.1.0)
      oauth
      omniauth (~> 1.0)
    omniauth-oauth2 (1.6.0)
      oauth2 (~> 1.1)
      omniauth (~> 1.9)
    omniauth-twitter (1.4.0)
      omniauth-oauth (~> 1.1)
      rack
    orm_adapter (0.5.0)
    parallel (1.19.1)
    parser (2.7.1.3)
      ast (~> 2.4.0)
    percy-capybara (4.0.2)
    pg (0.21.0)
    platform-api (3.0.0)
      heroics (~> 0.1.1)
      moneta (~> 1.0.0)
      rate_throttle_client (~> 0.1.0)
    popper_js (1.16.0)
    procto (0.0.3)
    public_suffix (4.0.5)
    puma (4.3.5)
      nio4r (~> 2.0)
    query_diet (0.6.2)
    rack (2.2.2)
    rack-cors (1.1.1)
      rack (>= 2.0.0)
    rack-protection (2.0.8.1)
      rack
    rack-test (1.1.0)
      rack (>= 1.0, < 3)
    rails (5.2.2.1)
      actioncable (= 5.2.2.1)
      actionmailer (= 5.2.2.1)
      actionpack (= 5.2.2.1)
      actionview (= 5.2.2.1)
      activejob (= 5.2.2.1)
      activemodel (= 5.2.2.1)
      activerecord (= 5.2.2.1)
      activestorage (= 5.2.2.1)
      activesupport (= 5.2.2.1)
      bundler (>= 1.3.0)
      railties (= 5.2.2.1)
      sprockets-rails (>= 2.0.0)
    rails-assets-leaflet (1.5.1)
    rails-assets-leaflet.markercluster (1.4.1)
      rails-assets-leaflet (>= 1.3.1)
    rails-controller-testing (1.0.4)
      actionpack (>= 5.0.1.x)
      actionview (>= 5.0.1.x)
      activesupport (>= 5.0.1.x)
    rails-dom-testing (2.0.3)
      activesupport (>= 4.2.0)
      nokogiri (>= 1.6)
    rails-html-sanitizer (1.3.0)
      loofah (~> 2.3)
    rails-i18n (5.1.3)
      i18n (>= 0.7, < 2)
      railties (>= 5.0, < 6)
    rails_12factor (0.0.3)
      rails_serve_static_assets
      rails_stdout_logging
    rails_serve_static_assets (0.0.5)
    rails_stdout_logging (0.0.5)
    railties (5.2.2.1)
      actionpack (= 5.2.2.1)
      activesupport (= 5.2.2.1)
      method_source
      rake (>= 0.8.7)
      thor (>= 0.19.0, < 2.0)
    rainbow (3.0.0)
    raindrops (0.19.1)
    rake (13.0.1)
    rate_throttle_client (0.1.2)
    rb-fsevent (0.10.3)
    rb-inotify (0.10.0)
      ffi (~> 1.0)
    redis (4.1.4)
    regexp_parser (1.7.1)
    responders (3.0.1)
      actionpack (>= 5.0)
      railties (>= 5.0)
    rexml (3.2.4)
    rspec (3.9.0)
      rspec-core (~> 3.9.0)
      rspec-expectations (~> 3.9.0)
      rspec-mocks (~> 3.9.0)
    rspec-activemodel-mocks (1.1.0)
      activemodel (>= 3.0)
      activesupport (>= 3.0)
      rspec-mocks (>= 2.99, < 4.0)
    rspec-core (3.9.2)
      rspec-support (~> 3.9.3)
    rspec-expectations (3.9.2)
      diff-lcs (>= 1.2.0, < 2.0)
      rspec-support (~> 3.9.0)
    rspec-mocks (3.9.1)
      diff-lcs (>= 1.2.0, < 2.0)
      rspec-support (~> 3.9.0)
    rspec-rails (4.0.1)
      actionpack (>= 4.2)
      activesupport (>= 4.2)
      railties (>= 4.2)
      rspec-core (~> 3.9)
      rspec-expectations (~> 3.9)
      rspec-mocks (~> 3.9)
      rspec-support (~> 3.9)
    rspec-support (3.9.3)
    rspectre (0.0.1)
      anima (~> 0.3)
      concord (~> 0.1)
      parser (~> 2.3)
      rspec (~> 3.0)
      unparser (~> 0.2)
    rswag-api (2.3.1)
      railties (>= 3.1, < 7.0)
    rswag-specs (2.3.1)
      activesupport (>= 3.1, < 7.0)
      json-schema (~> 2.2)
      railties (>= 3.1, < 7.0)
    rswag-ui (2.3.1)
      actionpack (>= 3.1, < 7.0)
      railties (>= 3.1, < 7.0)
    rubocop (0.85.1)
      parallel (~> 1.10)
      parser (>= 2.7.0.1)
      rainbow (>= 2.2.2, < 4.0)
      regexp_parser (>= 1.7)
      rexml
      rubocop-ast (>= 0.0.3)
      ruby-progressbar (~> 1.7)
      unicode-display_width (>= 1.4.0, < 2.0)
    rubocop-ast (0.0.3)
      parser (>= 2.7.0.1)
    rubocop-rails (2.6.0)
      activesupport (>= 4.2.0)
      rack (>= 1.1)
      rubocop (>= 0.82.0)
    rubocop-rspec (1.40.0)
      rubocop (>= 0.68.1)
    ruby-progressbar (1.10.1)
    ruby-units (2.3.1)
    ruby_parser (3.14.1)
      sexp_processor (~> 4.9)
    rubyzip (2.3.0)
    sass (3.7.4)
      sass-listen (~> 4.0.0)
    sass-listen (4.0.0)
      rb-fsevent (~> 0.9, >= 0.9.4)
      rb-inotify (~> 0.9, >= 0.9.7)
    sass-rails (5.1.0)
      railties (>= 5.2.0)
      sass (~> 3.1)
      sprockets (>= 2.8, < 4.0)
      sprockets-rails (>= 2.0, < 4.0)
      tilt (>= 1.1, < 3)
    sassc (2.3.0)
      ffi (~> 1.9)
    sassc-rails (2.1.2)
      railties (>= 4.0.0)
      sassc (>= 2.0)
      sprockets (> 3.0)
      sprockets-rails
      tilt
    scout_apm (2.6.7)
      parser
    searchkick (4.3.1)
      activemodel (>= 5)
      elasticsearch (>= 6)
      hashie
    selenium-webdriver (3.142.7)
      childprocess (>= 0.5, < 4.0)
      rubyzip (>= 1.2.2)
    sexp_processor (4.13.0)
    sidekiq (6.0.7)
      connection_pool (>= 2.2.2)
      rack (~> 2.0)
      rack-protection (>= 2.0.0)
      redis (>= 4.1.0)
    simplecov (0.12.0)
      docile (~> 1.1.0)
      json (>= 1.8, < 3)
      simplecov-html (~> 0.10.0)
    simplecov-html (0.10.2)
    sprockets (3.7.2)
      concurrent-ruby (~> 1.0)
      rack (> 1, < 3)
    sprockets-rails (3.2.1)
      actionpack (>= 4.0)
      activesupport (>= 4.0)
      sprockets (>= 3.0.0)
    sysexits (1.2.0)
    temple (0.8.2)
    term-ansicolor (1.7.1)
      tins (~> 1.0)
    terminal-table (1.8.0)
      unicode-display_width (~> 1.1, >= 1.1.1)
    thor (0.19.4)
    thread_safe (0.3.6)
    tilt (2.0.10)
    timecop (0.9.1)
    tins (1.21.0)
    trollop (1.16.2)
    tzinfo (1.2.7)
      thread_safe (~> 0.1)
    uglifier (4.2.0)
      execjs (>= 0.3.0, < 3)
    unicode-display_width (1.7.0)
    unicorn (5.5.5)
      kgio (~> 2.6)
      raindrops (~> 0.7)
    uniform_notifier (1.13.0)
    unparser (0.4.7)
      abstract_type (~> 0.0.7)
      adamantium (~> 0.2.0)
      concord (~> 0.1.5)
      diff-lcs (~> 1.3)
      equalizer (~> 0.0.9)
      parser (>= 2.6.5)
      procto (~> 0.0.2)
    validate_url (1.0.11)
      activemodel (>= 3.0.0)
      public_suffix
    warden (1.2.8)
      rack (>= 2.0.6)
    webdrivers (4.4.1)
      nokogiri (~> 1.6)
      rubyzip (>= 1.3.0)
      selenium-webdriver (>= 3.0, < 4.0)
    webrat (0.7.3)
      nokogiri (>= 1.2.0)
      rack (>= 1.0)
      rack-test (>= 0.5.3)
    websocket-driver (0.7.1)
      websocket-extensions (>= 0.1.0)
    websocket-extensions (0.1.4)
    will_paginate (3.3.0)
    will_paginate-bootstrap4 (0.2.2)
      will_paginate (~> 3.0, >= 3.0.0)
    xmlrpc (0.3.0)
    xpath (3.2.0)
      nokogiri (~> 1.8)

PLATFORMS
  ruby

DEPENDENCIES
  active_median (= 0.1.4)
  active_record_union
  active_utils
  better_errors
  bluecloth
  bonsai-elasticsearch-rails
  bootstrap (>= 4.3.1)
  bootstrap-datepicker-rails
  bootstrap_form (>= 4.2.0)
  bullet
  bundler (>= 1.1.5)
  byebug
  cancancan
  capybara
  capybara-email
  capybara-screenshot
  chartkick
  codeclimate-test-reporter
  coffee-rails
  comfortable_mexican_sofa (~> 2.0.0)
  coveralls
  csv_shaper
  dalli
  database_cleaner
  devise
  discard (~> 1.0)
  elasticsearch (< 7.0.0)
  factory_bot_rails
  faker
  faraday
  faraday_middleware
  figaro
  flickraw
  font-awesome-sass
  friendly_id
  geocoder (= 1.4.9)
  gibbon (~> 1.2.0)
  gravatar-ultimate
  haml
  haml-i18n-extractor
  haml-rails
  haml_lint (>= 0.25.1)
  hashie (>= 3.5.3)
  i18n-tasks
  jquery-rails
  jquery-ui-rails
  js-routes
  jsonapi-resources
  jsonapi-swagger
  leaflet-rails
  letter_opener
  listen
  loofah (>= 2.2.1)
  mailboxer
  material-sass (= 4.1.1)
  material_icons
  memcachier
  oj
  omniauth (~> 1.3)
  omniauth-facebook
  omniauth-flickr (>= 0.0.15)
  omniauth-twitter
  percy-capybara (~> 4.0.0)
  pg (< 1.0.0)
  platform-api
  puma
  query_diet
  rack-cors
  rack-protection (>= 2.0.1)
  rails (= 5.2.2.1)
  rails-assets-leaflet.markercluster!
  rails-controller-testing
  rails_12factor
  rake (>= 10.0.0)
  responders
  rspec-activemodel-mocks
  rspec-rails
  rspectre
  rswag-api
  rswag-specs
  rswag-ui
  rubocop
  rubocop-rails
  rubocop-rspec
  ruby-units
  sass-rails
  scout_apm
  searchkick
  selenium-webdriver
  sidekiq
  timecop
  uglifier
  unicorn
  validate_url
  webdrivers
  webrat
  will_paginate
  will_paginate-bootstrap4
  xmlrpc

RUBY VERSION
   ruby 2.6.5p114

BUNDLED WITH
   1.17.3
